GEM
  remote: http://rubygems.org/
  specs:
    activemodel (4.2.4)
      activesupport (= 4.2.4)
      builder (~> 3.1)
    activerecord (4.2.4)
      activemodel (= 4.2.4)
      activesupport (= 4.2.4)
      arel (~> 6.0)
    activesupport (4.2.4)
      i18n (~> 0.7)
      json (~> 1.7, >= 1.7.7)
      minitest (~> 5.1)
      thread_safe (~> 0.3, >= 0.3.4)
      tzinfo (~> 1.1)
    addressable (2.3.8)
    arel (6.0.3)
    builder (3.2.2)
    byebug (4.0.5)
      columnize (= 0.9.0)
    capistrano (3.4.0)
      i18n
      rake (>= 10.0.0)
      sshkit (~> 1.3)
    capistrano-bundler (1.1.4)
      capistrano (~> 3.1)
      sshkit (~> 1.2)
    capistrano-thin (1.1.0)
      capistrano (~> 3.0)
      thin (~> 1.6)
    coderay (1.1.0)
    colorize (0.7.7)
    columnize (0.9.0)
    cookiejar (0.3.2)
    crack (0.4.2)
      safe_yaml (~> 1.0.0)
    daemons (1.2.3)
    database_cleaner (1.4.1)
    diff-lcs (1.2.5)
    domain_name (0.5.24)
      unf (>= 0.0.5, < 1.0.0)
    dotenv (2.0.2)
    em-hiredis (0.3.0)
      eventmachine (~> 1.0)
      hiredis (~> 0.5.0)
    em-http-request (1.1.2)
      addressable (>= 2.3.4)
      cookiejar
      em-socksify (>= 0.3)
      eventmachine (>= 1.0.3)
      http_parser.rb (>= 0.6.0)
    em-socksify (0.3.0)
      eventmachine (>= 1.0.0.beta.4)
    eventmachine (1.0.8)
    factory_girl (4.5.0)
      activesupport (>= 3.0.0)
    faye (1.1.2)
      cookiejar (>= 0.3.0)
      em-http-request (>= 0.3.0)
      eventmachine (>= 0.12.0)
      faye-websocket (>= 0.9.1)
      multi_json (>= 1.0.0)
      rack (>= 1.0.0)
      websocket-driver (>= 0.5.1)
    faye-redis (0.2.0)
      em-hiredis (>= 0.2.0)
      eventmachine (>= 0.12.0)
      multi_json (>= 1.0.0)
    faye-websocket (0.10.0)
      eventmachine (>= 0.12.0)
      websocket-driver (>= 0.5.1)
    hiredis (0.5.2)
    http-cookie (1.0.2)
      domain_name (~> 0.5)
    http_parser.rb (0.6.0)
    i18n (0.7.0)
    json (1.8.3)
    method_source (0.8.2)
    mime-types (2.6.1)
    minitest (5.8.0)
    multi_json (1.11.2)
    mysql2 (0.3.20)
    net-scp (1.2.1)
      net-ssh (>= 2.6.5)
    net-ssh (2.9.2)
    netrc (0.10.3)
    newrelic_rpm (3.12.1.298)
    permessage_deflate (0.1.1)
    pry (0.10.1)
      coderay (~> 1.1.0)
      method_source (~> 0.8.1)
      slop (~> 3.4)
    pry-byebug (3.1.0)
      byebug (~> 4.0)
      pry (~> 0.10)
    rack (1.6.4)
    rake (10.4.2)
    rest-client (1.8.0)
      http-cookie (>= 1.0.2, < 2.0)
      mime-types (>= 1.16, < 3.0)
      netrc (~> 0.7)
    rspec (3.3.0)
      rspec-core (~> 3.3.0)
      rspec-expectations (~> 3.3.0)
      rspec-mocks (~> 3.3.0)
    rspec-core (3.3.2)
      rspec-support (~> 3.3.0)
    rspec-expectations (3.3.1)
      diff-lcs (>= 1.2.0, < 2.0)
      rspec-support (~> 3.3.0)
    rspec-mocks (3.3.2)
      diff-lcs (>= 1.2.0, < 2.0)
      rspec-support (~> 3.3.0)
    rspec-support (3.3.0)
    safe_yaml (1.0.4)
    slop (3.6.0)
    sshkit (1.7.1)
      colorize (>= 0.7.0)
      net-scp (>= 1.1.2)
      net-ssh (>= 2.8.0)
    thin (1.6.3)
      daemons (~> 1.0, >= 1.0.9)
      eventmachine (~> 1.0)
      rack (~> 1.0)
    thread_safe (0.3.5)
    tzinfo (1.2.2)
      thread_safe (~> 0.1)
    unf (0.1.4)
      unf_ext
    unf_ext (0.0.7.1)
    webmock (1.21.0)
      addressable (>= 2.3.6)
      crack (>= 0.3.2)
    websocket-driver (0.6.2)
      websocket-extensions (>= 0.1.0)
    websocket-extensions (0.1.2)

PLATFORMS
  ruby

DEPENDENCIES
  activerecord (~> 4.2.4)
  activesupport (~> 4.2.4)
  capistrano (~> 3.4.0)
  capistrano-bundler (~> 1.1.4)
  capistrano-thin (~> 1.1.0)
  database_cleaner (~> 1.4.1)
  dotenv (~> 2.0.2)
  factory_girl (~> 4.5.0)
  faye (~> 1.1.2)
  faye-redis (~> 0.2.0)
  mysql2 (~> 0.3.20)
  newrelic_rpm (~> 3.12.1.298)
  permessage_deflate (~> 0.1.1)
  pry-byebug (~> 3.1.0)
  rest-client (~> 1.8.0)
  rspec (~> 3.3.0)
  thin (~> 1.6.3)
  webmock (~> 1.21.0)

BUNDLED WITH
   1.10.5
